GIT
  remote: git://github.com/picapica/motion-acknowledgements.git
  revision: 252a6e528907d04c2bb9fed68d7188a2ec593938
  specs:
    motion-acknowledgements (0.0.3)

GIT
  remote: git://github.com/picapica/motion-settings-bundle.git
  revision: 3a9d47b42cd1cedd1d59e2c2e7ceeaa6f80f6b62
  specs:
    motion-settings-bundle (0.3.0)
      plist (>= 3.1.0)

GEM
  remote: https://rubygems.org/
  specs:
    CFPropertyList (2.3.5)
    ProMotion (2.6.1)
      methadone (~> 1.7)
      motion_print (~> 1.0)
    activesupport (4.2.8)
      i18n (~> 0.7)
      minitest (~> 5.1)
      thread_safe (~> 0.3, >= 0.3.4)
      tzinfo (~> 1.1)
    afmotion (2.6)
      motion-cocoapods (>= 1.4.1)
      motion-require (>= 0.1)
    claide (1.0.1)
    cocoapods (1.2.0)
      activesupport (>= 4.0.2, < 5)
      claide (>= 1.0.1, < 2.0)
      cocoapods-core (= 1.2.0)
      cocoapods-deintegrate (>= 1.0.1, < 2.0)
      cocoapods-downloader (>= 1.1.3, < 2.0)
      cocoapods-plugins (>= 1.0.0, < 2.0)
      cocoapods-search (>= 1.0.0, < 2.0)
      cocoapods-stats (>= 1.0.0, < 2.0)
      cocoapods-trunk (>= 1.1.2, < 2.0)
      cocoapods-try (>= 1.1.0, < 2.0)
      colored (~> 1.2)
      escape (~> 0.0.4)
      fourflusher (~> 2.0.1)
      gh_inspector (~> 1.0)
      molinillo (~> 0.5.5)
      nap (~> 1.0)
      ruby-macho (~> 0.2.5)
      xcodeproj (>= 1.4.1, < 2.0)
    cocoapods-core (1.2.0)
      activesupport (>= 4.0.2, < 5)
      fuzzy_match (~> 2.0.4)
      nap (~> 1.0)
    cocoapods-deintegrate (1.0.1)
    cocoapods-downloader (1.1.3)
    cocoapods-plugins (1.0.0)
      nap
    cocoapods-search (1.0.0)
    cocoapods-stats (1.0.0)
    cocoapods-trunk (1.1.2)
      nap (>= 0.8, < 2.0)
      netrc (= 0.7.8)
    cocoapods-try (1.1.0)
    colored (1.2)
    dbt (1.2.0)
    escape (0.0.4)
    fourflusher (2.0.1)
    fuzzy_match (2.0.4)
    gh_inspector (1.0.3)
    i18n (0.8.1)
    methadone (1.9.5)
      bundler
    minitest (5.10.1)
    molinillo (0.5.7)
    moticons (1.0.0)
      motion-cocoapods
    motion-cocoapods (1.8.1)
      cocoapods (>= 1.0.0)
    motion-kit (1.1.1)
      dbt (~> 1.1, >= 1.1.5)
    motion-kit-events (0.3.1)
      dbt
      motion-kit
    motion-require (0.2.0)
    motion_print (1.2.0)
    nanaimo (0.2.3)
    nap (1.1.0)
    netrc (0.7.8)
    plist (3.2.0)
    rake (12.0.0)
    ruby-macho (0.2.6)
    sugarcube (3.4.0)
    thread_safe (0.3.6)
    tzinfo (1.2.2)
      thread_safe (~> 0.1)
    xcodeproj (1.4.2)
      CFPropertyList (~> 2.3.3)
      activesupport (>= 3)
      claide (>= 1.0.1, < 2.0)
      colored (~> 1.2)
      nanaimo (~> 0.2.3)

PLATFORMS
  ruby

DEPENDENCIES
  ProMotion (~> 2.0)
  afmotion
  moticons
  motion-acknowledgements!
  motion-kit
  motion-kit-events
  motion-settings-bundle!
  rake
  sugarcube

BUNDLED WITH
   1.13.6
